GIT
  remote: git@github.com:sacarlson/stellar_utility.git
  revision: cac2f13d3c881481944713c6945c32f681d97381
  specs:
    stellar_utility (0.1.0)
      faraday
      faraday_middleware
      json
      pg
      rest-client
      rspec
      rspec-core
      rspec-kickstarter
      simplecov
      sqlite3
      stellar-base

GEM
  remote: https://rubygems.org/
  specs:
    activemodel (4.2.4)
      activesupport (= 4.2.4)
      builder (~> 3.1)
    activesupport (4.2.4)
      i18n (~> 0.7)
      json (~> 1.7, >= 1.7.7)
      minitest (~> 5.1)
      thread_safe (~> 0.3, >= 0.3.4)
      tzinfo (~> 1.1)
    backports (3.6.6)
    base32 (0.3.2)
    builder (3.2.2)
    diff-lcs (1.2.5)
    digest-crc (0.4.1)
    docile (1.1.5)
    domain_name (0.5.25)
      unf (>= 0.0.5, < 1.0.0)
    faraday (0.9.2)
      multipart-post (>= 1.2, < 3)
    faraday_middleware (0.10.0)
      faraday (>= 0.7.4, < 0.10)
    ffi (1.9.10)
    http-cookie (1.0.2)
      domain_name (~> 0.5)
    i18n (0.7.0)
    json (1.8.3)
    mime-types (2.6.2)
    minitest (5.8.2)
    multipart-post (2.0.0)
    mysql (2.9.1)
    netrc (0.11.0)
    pg (0.18.3)
    rbnacl (3.2.0)
      ffi
    rbnacl-libsodium (1.0.6)
      rbnacl (~> 3.0, >= 3.0.1)
    rest-client (1.8.0)
      http-cookie (>= 1.0.2, < 2.0)
      mime-types (>= 1.16, < 3.0)
      netrc (~> 0.7)
    rspec (3.3.0)
      rspec-core (~> 3.3.0)
      rspec-expectations (~> 3.3.0)
      rspec-mocks (~> 3.3.0)
    rspec-core (3.3.2)
      rspec-support (~> 3.3.0)
    rspec-expectations (3.3.1)
      diff-lcs (>= 1.2.0, < 2.0)
      rspec-support (~> 3.3.0)
    rspec-kickstarter (1.0.0)
    rspec-mocks (3.3.2)
      diff-lcs (>= 1.2.0, < 2.0)
      rspec-support (~> 3.3.0)
    rspec-support (3.3.0)
    simplecov (0.10.0)
      docile (~> 1.1.0)
      json (~> 1.8)
      simplecov-html (~> 0.10.0)
    simplecov-html (0.10.0)
    sqlite3 (1.3.11)
    stellar-base (0.7.0)
      activesupport (~> 4)
      base32
      digest-crc
      rbnacl
      rbnacl-libsodium (~> 1.0.3)
      xdr (~> 1.0.0)
    sys-proctable (0.9.8)
    thread_safe (0.3.5)
    tzinfo (1.2.2)
      thread_safe (~> 0.1)
    unf (0.1.4)
      unf_ext
    unf_ext (0.0.7.1)
    xdr (1.0.0)
      activemodel (~> 4)
      activesupport (~> 4)
      backports (~> 3.6)

PLATFORMS
  ruby

DEPENDENCIES
  json
  mysql
  rest-client
  sqlite3
  stellar_utility!
  sys-proctable

BUNDLED WITH
   1.10.6
